PATH
  remote: .
  specs:
    travis-sso (0.0.1)
      multi_json
      rack
      rotp
      yubikey

GEM
  remote: https://rubygems.org/
  specs:
    diff-lcs (1.3)
    multi_json (1.13.1)
    mustermann (1.0.2)
    rack (2.0.7)
    rack-protection (2.0.3)
      rack
    rake (12.3.1)
    rotp (3.3.1)
    rspec (3.7.0)
      rspec-core (~> 3.7.0)
      rspec-expectations (~> 3.7.0)
      rspec-mocks (~> 3.7.0)
    rspec-core (3.7.1)
      rspec-support (~> 3.7.0)
    rspec-expectations (3.7.0)
      diff-lcs (>= 1.2.0, < 2.0)
      rspec-support (~> 3.7.0)
    rspec-mocks (3.7.0)
      diff-lcs (>= 1.2.0, < 2.0)
      rspec-support (~> 3.7.0)
    rspec-support (3.7.1)
    sinatra (2.0.3)
      mustermann (~> 1.0)
      rack (~> 2.0)
      rack-protection (= 2.0.3)
      tilt (~> 2.0)
    tilt (2.0.8)
    yubikey (1.4.1)

PLATFORMS
  ruby

DEPENDENCIES
  rake
  rspec
  sinatra
  travis-sso!

BUNDLED WITH
   1.16.1
